GEM
  remote: http://rubygems.org/
  specs:
    coderay (1.1.0)
    ethon (0.7.0)
      ffi (>= 1.3.0)
    ffi (1.9.3)
    method_source (0.8.2)
    mini_portile (0.6.0)
    nokogiri (1.6.2.1)
      mini_portile (= 0.6.0)
    pry (0.9.12.6)
      coderay (~> 1.0)
      method_source (~> 0.8)
      slop (~> 3.4)
    slop (3.5.0)
    typhoeus (0.6.8)
      ethon (>= 0.7.0)

PLATFORMS
  ruby

DEPENDENCIES
  nokogiri
  pry
  typhoeus
